GEM
  remote: https://rubygems.org/
  specs:
    mustermann (2.0.2)
      ruby2_keywords (~> 0.0.1)
    power_assert (1.1.5)
    rack (2.2.6.4)
    rack-protection (2.2.3)
      rack
    rmagick (4.0.0)
    ruby2_keywords (0.0.5)
    sinatra (2.2.3)
      mustermann (~> 2.0)
      rack (~> 2.2)
      rack-protection (= 2.2.3)
      tilt (~> 2.0)
    test-unit (3.3.4)
      power_assert
    tilt (2.0.11)

PLATFORMS
  ruby

DEPENDENCIES
  rmagick (~> 4)
  sinatra (~> 2.2)
  test-unit (~> 3.3, >= 3.3.4)

BUNDLED WITH
   2.0.2
