GEM
  remote: http://rubygems.org/
  specs:
    rack (1.6.0)
    rmagick (2.9.0)
    sinatra (1.0)
      rack (>= 1.0)

PLATFORMS
  ruby

DEPENDENCIES
  rmagick (= 2.9.0)
  sinatra (= 1.0)
