GEM
  remote: https://rubygems.org/
  specs:
    mustermann (2.0.2)
      ruby2_keywords (~> 0.0.1)
    pkg-config (1.5.5)
    power_assert (2.0.3)
    rack (2.2.7)
    rack-protection (2.2.4)
      rack
    rmagick (5.3.0)
      pkg-config (~> 1.4)
    ruby2_keywords (0.0.5)
    sinatra (2.2.4)
      mustermann (~> 2.0)
      rack (~> 2.2)
      rack-protection (= 2.2.4)
      tilt (~> 2.0)
    test-unit (3.5.8)
      power_assert
    tilt (2.1.0)

PLATFORMS
  ruby

DEPENDENCIES
  rmagick (~> 5)
  sinatra (~> 2.2)
  test-unit (~> 3.3, >= 3.3.4)

BUNDLED WITH
   2.3.22
